GEM
  remote: https://rubygems.org/
  specs:
    childprocess (3.0.0)
    concurrent-ruby (1.1.5)
    faker (2.10.1)
      i18n (>= 1.6, < 2)
    ffi (1.12.1)
    ffi (1.12.1-x64-mingw32)
    headless (2.3.1)
    i18n (1.8.2)
      concurrent-ruby (~> 1.0)
    mini_portile2 (2.6.1)
    nokogiri (1.12.5)
      mini_portile2 (~> 2.6.1)
      racc (~> 1.4)
    nokogiri (1.12.5-x64-mingw32)
      racc (~> 1.4)
    racc (1.5.2)
    regexp_parser (1.6.0)
    rubyzip (1.3.0)
    selenium-webdriver (3.142.7)
      childprocess (>= 0.5, < 4.0)
      rubyzip (>= 1.2.2)
    watir (6.16.5)
      regexp_parser (~> 1.2)
      selenium-webdriver (~> 3.6)
    webdrivers (3.9.4)
      nokogiri (~> 1.6)
      rubyzip (~> 1.0)
      selenium-webdriver (~> 3.0)

PLATFORMS
  ruby
  x64-mingw32

DEPENDENCIES
  faker
  ffi
  headless
  nokogiri
  watir
  webdrivers (~> 3.0)

RUBY VERSION
   ruby 2.7.0p0

BUNDLED WITH
   2.1.4
